GIT
  remote: https://github.com/nvloff/cijoe.git
  revision: d412e7f28784425ddc9b42c07e8d9a32e41882f6
  specs:
    cijoe (0.9.2)
      choice
      multi_json
      sinatra
      tinder (>= 1.4.0)

GEM
  remote: https://rubygems.org/
  specs:
    activemodel (3.2.12)
      activesupport (= 3.2.12)
      builder (~> 3.0.0)
    activesupport (3.2.12)
      i18n (~> 0.6)
      multi_json (~> 1.0)
    barista (1.3.0)
      coffee-script (~> 2.2)
    bcrypt-ruby (3.0.1)
    bson (1.8.5)
    bson_ext (1.8.5)
      bson (~> 1.8.5)
    builder (3.0.4)
    choice (0.1.6)
    chunky_png (1.2.8)
    coffee-script (2.2.0)
      coffee-script-source
      execjs
    coffee-script-source (1.6.2)
    compass (0.12.2)
      chunky_png (~> 1.2)
      fssm (>= 0.2.7)
      sass (~> 3.1)
    connection_pool (1.0.0)
    daemons (1.1.9)
    diff-lcs (1.2.3)
    dotenv (0.6.0)
    eventmachine (1.0.3)
    excon (0.20.1)
    execjs (1.4.0)
      multi_json (~> 1.0)
    factory_girl (4.2.0)
      activesupport (>= 3.0.0)
    faraday (0.8.7)
      multipart-post (~> 1.1)
    faraday_middleware (0.9.0)
      faraday (>= 0.7.4, < 0.9)
    fog (1.10.1)
      builder
      excon (~> 0.20)
      formatador (~> 0.2.0)
      mime-types
      multi_json (~> 1.0)
      net-scp (~> 1.1)
      net-ssh (>= 2.1.3)
      nokogiri (~> 1.5.0)
      ruby-hmac
    foreman (0.62.0)
      thor (>= 0.13.6)
    formatador (0.2.4)
    fssm (0.2.10)
    girl_friday (0.11.2)
      connection_pool (~> 1.0)
      rubinius-actor
    haml (4.0.2)
      tilt
    hashie (1.2.0)
    http_parser.rb (0.5.3)
    http_router (0.11.0)
      rack (>= 1.0.0)
      url_mount (~> 0.2.1)
    i18n (0.6.4)
    json (1.7.7)
    libv8 (3.11.8.17)
    mime-types (1.22)
    mongo (1.8.5)
      bson (~> 1.8.5)
    mongo_mapper (0.12.0)
      activemodel (~> 3.0)
      activesupport (~> 3.0)
      plucky (~> 0.5.2)
    multi_json (1.7.2)
    multipart-post (1.2.0)
    nest (1.1.2)
      redis
    net-scp (1.1.0)
      net-ssh (>= 2.6.5)
    net-ssh (2.6.7)
    nokogiri (1.5.9)
    ohm (1.3.1)
      nest (~> 1.0)
      redis
      scrivener (~> 0.0.3)
    padrino-cache (0.11.1)
      padrino-core (= 0.11.1)
      padrino-helpers (= 0.11.1)
    padrino-core (0.11.1)
      activesupport (>= 3.1.0)
      http_router (~> 0.11.0)
      rack-protection (>= 1.5.0)
      sinatra (~> 1.4.2)
      thor (~> 0.17.0)
      tilt (~> 1.3.0)
    padrino-gen (0.11.1)
      bundler (~> 1.0)
      padrino-core (= 0.11.1)
    padrino-helpers (0.11.1)
      i18n (~> 0.6)
      padrino-core (= 0.11.1)
    plucky (0.5.2)
      mongo (~> 1.5)
    pusher (0.11.3)
      multi_json (~> 1.0)
      signature (~> 0.1.6)
    rack (1.5.2)
    rack-protection (1.5.0)
      rack
    rack-test (0.6.2)
      rack (>= 1.0)
    rake (10.0.4)
    redis (3.0.3)
    ref (1.0.4)
    rspec (2.13.0)
      rspec-core (~> 2.13.0)
      rspec-expectations (~> 2.13.0)
      rspec-mocks (~> 2.13.0)
    rspec-core (2.13.1)
    rspec-expectations (2.13.0)
      diff-lcs (>= 1.1.3, < 2.0)
    rspec-mocks (2.13.1)
    rubinius-actor (0.0.2)
      rubinius-core-api
    rubinius-core-api (0.0.1)
    ruby-hmac (0.4.0)
    sass (3.2.7)
    scrivener (0.0.3)
    signature (0.1.6)
    simple_oauth (0.1.9)
    sinatra (1.4.2)
      rack (~> 1.5, >= 1.5.2)
      rack-protection (~> 1.4)
      tilt (~> 1.3, >= 1.3.4)
    sinatra-flash (0.3.0)
      sinatra (>= 1.0.0)
    spork (0.9.2)
    susy (1.0.8)
      compass (>= 0.12.2)
      sass (>= 3.2.0)
    therubyracer (0.11.4)
      libv8 (~> 3.11.8.12)
      ref
    thin (1.5.1)
      daemons (>= 1.0.9)
      eventmachine (>= 0.12.6)
      rack (>= 1.0.0)
    thor (0.17.0)
    tilt (1.3.7)
    tinder (1.9.2)
      eventmachine (~> 1.0)
      faraday (~> 0.8)
      faraday_middleware (~> 0.9)
      hashie (~> 1.0)
      json (~> 1.7.5)
      mime-types (~> 1.19)
      multi_json (~> 1.5)
      twitter-stream (~> 0.1)
    twitter-stream (0.1.16)
      eventmachine (>= 0.12.8)
      http_parser.rb (~> 0.5.1)
      simple_oauth (~> 0.1.4)
    tzinfo (0.3.37)
    url_mount (0.2.1)
      rack

PLATFORMS
  ruby

DEPENDENCIES
  barista
  bcrypt-ruby
  bson_ext
  cijoe!
  compass
  dotenv
  factory_girl
  fog
  foreman
  girl_friday
  haml
  mongo_mapper
  ohm
  padrino-cache (= 0.11.1)
  padrino-core (= 0.11.1)
  padrino-gen (= 0.11.1)
  padrino-helpers (= 0.11.1)
  pusher
  rack-test
  rake
  rspec
  sass
  sinatra-flash
  spork
  susy
  therubyracer
  thin
  tzinfo
